GEM
  remote: https://rubygems.org/
  specs:
    bindata (2.4.0)
    minitar (0.6.1)
    ruby-termios (1.0.2)

PLATFORMS
  ruby

DEPENDENCIES
  bindata
  minitar
  ruby-termios

BUNDLED WITH
   1.15.1
