GIT
  remote: https://github.com/arika/ruby-termios
  revision: 061a2c4d5ef649928c3e6ab308383b2b6d98b1ab
  specs:
    ruby-termios (1.0.2)

GEM
  remote: https://rubygems.org/
  specs:
    minitar (0.6.1)
    bindata (2.3.4)

PLATFORMS
  ruby

DEPENDENCIES
  archive-tar-minitar
  bindata
  ruby-termios!

BUNDLED WITH
   1.13.6
